GEM
  remote: http://rubygems.org/
  specs:
    bud (0.9.6)
      eventmachine
      fastercsv
      getopt
      msgpack
      ruby-graphviz
      ruby2ruby (>= 2.0.1)
      ruby_parser (>= 3.1.0)
      superators19
      syntax
      uuid
    eventmachine (1.0.1)
    fastercsv (1.5.5)
    getopt (1.4.1)
    macaddr (1.6.1)
      systemu (~> 2.5.0)
    msgpack (0.5.3)
    ruby-graphviz (1.0.8)
    ruby2ruby (2.0.3)
      ruby_parser (~> 3.1)
      sexp_processor (~> 4.0)
    ruby_parser (3.1.1)
      sexp_processor (~> 4.1)
    sexp_processor (4.1.5)
    superators19 (0.9.3)
    syntax (1.0.0)
    systemu (2.5.2)
    uuid (2.3.7)
      macaddr (~> 1.0)

PLATFORMS
  ruby

DEPENDENCIES
  bud
